PATH
  remote: .
  specs:
    pug-ruby (1.0.2)

GEM
  remote: https://rubygems.org/
  specs:
    power_assert (1.0.2)
    rake (10.5.0)
    test-unit (3.2.5)
      power_assert

PLATFORMS
  ruby

DEPENDENCIES
  pug-ruby!
  rake (~> 10.0)
  test-unit (~> 3.1)

BUNDLED WITH
   1.14.6
